GEM
  remote: https://rubygems.org/
  specs:
    httparty (0.12.0)
      json (~> 1.8)
      multi_xml (>= 0.5.2)
    json (1.8.1)
    multi_xml (0.5.5)
    rack (1.5.2)
    rack-protection (1.5.1)
      rack
    sequel (4.6.0)
    sinatra (1.4.4)
      rack (~> 1.4)
      rack-protection (~> 1.4)
      tilt (~> 1.3, >= 1.3.4)
    sqlite3 (1.3.8)
    themoviedb (0.0.16)
      httparty (~> 0)
    tilt (1.4.1)

PLATFORMS
  ruby

DEPENDENCIES
  sequel
  sinatra
  sqlite3
  themoviedb
